PATH
  remote: .
  specs:
    constraint_validations (0.1.0)

GEM
  remote: https://rubygems.org/
  specs:

PLATFORMS
  x86_64-darwin-20

DEPENDENCIES
  constraint_validations!

BUNDLED WITH
   2.2.3
